GIT
  remote: https://github.com/theforeman/smart-proxy
  revision: d0976b9dd61282214c8777ed6f775f9ea9d66a3c
  branch: develop
  specs:
    smart_proxy (1.23.0.develop)
      json
      logging
      rack (>= 1.1)
      sinatra

PATH
  remote: .
  specs:
    smart_proxy_phpipam (0.0.1)

GEM
  remote: https://rubygems.org/
  specs:
    json (2.2.0)
    little-plugger (1.1.4)
    logging (2.2.2)
      little-plugger (~> 1.1)
      multi_json (~> 1.10)
    multi_json (1.13.1)
    mustermann (3.0.0)
      ruby2_keywords (~> 0.0.1)
    rack (2.2.4)
    rack-protection (3.0.4)
      rack
    ruby2_keywords (0.0.5)
    sinatra (3.0.4)
      mustermann (~> 3.0)
      rack (~> 2.2, >= 2.2.4)
      rack-protection (= 3.0.4)
      tilt (~> 2.0)
    tilt (2.0.11)

PLATFORMS
  ruby

DEPENDENCIES
  smart_proxy!
  smart_proxy_phpipam!

BUNDLED WITH
   2.0.1
